PATH
  remote: .
  specs:
    invoice_creator (0.1.0)
      prawn (= 2.2.2)
      prawn-table (= 0.2.2)
      thor (= 0.20.0)

GEM
  remote: https://rubygems.org/
  specs:
    diff-lcs (1.4.4)
    pdf-core (0.7.0)
    prawn (2.2.2)
      pdf-core (~> 0.7.0)
      ttfunk (~> 1.5)
    prawn-table (0.2.2)
      prawn (>= 1.3.0, < 3.0.0)
    rake (12.3.3)
    rspec (3.9.0)
      rspec-core (~> 3.9.0)
      rspec-expectations (~> 3.9.0)
      rspec-mocks (~> 3.9.0)
    rspec-core (3.9.3)
      rspec-support (~> 3.9.3)
    rspec-expectations (3.9.2)
      diff-lcs (>= 1.2.0, < 2.0)
      rspec-support (~> 3.9.0)
    rspec-mocks (3.9.1)
      diff-lcs (>= 1.2.0, < 2.0)
      rspec-support (~> 3.9.0)
    rspec-support (3.9.3)
    thor (0.20.0)
    ttfunk (1.6.2.1)

PLATFORMS
  ruby

DEPENDENCIES
  invoice_creator!
  rake (~> 12.0)
  rspec (~> 3.0)

BUNDLED WITH
   1.17.2
